GEM
  remote: http://rubygems.org/
  specs:
    Rack (2.0.0)

PLATFORMS
  ruby

DEPENDENCIES
  Rack
